{
    "Modality": "MR",
    "MagneticFieldStrength": 3,
    "ImagingFrequency": 123.254,
    "Manufacturer": "Siemens",
    "ManufacturersModelName": "Prisma",
    "InstitutionName": "SKKU",
    "InstitutionalDepartmentName": "Department",
    "InstitutionAddress": "Street_StreetNo_City_264b04_District_KR_ZIP",
    "DeviceSerialNumber": "66061",
    "StationName": "AWP66061",
    "BodyPartExamined": "HEAD",
    "PatientPosition": "HFS",
    "ProcedureStepDescription": "Head_PI:CNIR_IBS",
    "SoftwareVersions": "syngo_MR_E11",
    "MRAcquisitionType": "2D",
    "SeriesDescription": "FilmRecall_TR1800",
    "ProtocolName": "FilmRecall_TR1800",
    "ScanningSequence": "EP",
    "SequenceVariant": "SK",
    "ScanOptions": "FS",
    "SequenceName": "_epfid2d1_80",
    "ImageType": [
        "ORIGINAL",
        "PRIMARY",
        "M",
        "ND",
        "NORM",
        "MOSAIC"
    ],
    "SeriesNumber": 7,
    "AcquisitionTime": "10:16:11.412500",
    "AcquisitionNumber": 1,
    "SliceThickness": 3,
    "SpacingBetweenSlices": 3,
    "SAR": 0.102523,
    "EchoTime": 0.03,
    "RepetitionTime": 1,
    "FlipAngle": 90,
    "PartialFourier": 1,
    "BaseResolution": 80,
    "ShimSetting": [
        5054,
        3702,
        4450,
        452,
        -77,
        7,
        -51,
        40
    ],
    "TxRefAmp": 210.184,
    "PhaseResolution": 1,
    "ReceiveCoilName": "HeadNeck_64",
    "ReceiveCoilActiveElements": "HC1-7;NC1,2",
    "CoilString": "HC1-7;NC1_2",
    "PulseSequenceDetails": "%SiemensSeq%_ep2d_bold",
    "ConsistencyInfo": "N4_VE11C_LATEST_20160120",
    "MultibandAccelerationFactor": 3,
    "PercentPhaseFOV": 100,
    "EchoTrainLength": 39,
    "PhaseEncodingSteps": 79,
    "AcquisitionMatrixPE": 80,
    "ReconMatrixPE": 80,
    "BandwidthPerPixelPhaseEncode": 45.455,
    "ParallelReductionFactorInPlane": 2,
    "EffectiveEchoSpacing": 0.000274997,
    "DerivedVendorReportedEchoSpacing": 0.000549995,
    "TotalReadoutTime": 0.0217248,
    "PixelBandwidth": 2230,
    "DwellTime": 2.8e-06,
    "PhaseEncodingDirection": "j-",
    "SliceTiming": [
        0.735,
        0,
        0.49,
        0.0625,
        0.5525,
        0.1225,
        0.6125,
        0.185,
        0.675,
        0.3075,
        0.7975,
        0.3675,
        0.8575,
        0.43,
        0.92,
        0.245,
        0.735,
        0,
        0.49,
        0.0625,
        0.5525,
        0.1225,
        0.6125,
        0.185,
        0.675,
        0.3075,
        0.7975,
        0.3675,
        0.8575,
        0.43,
        0.92,
        0.245,
        0.735,
        0,
        0.49,
        0.0625,
        0.5525,
        0.1225,
        0.6125,
        0.185,
        0.675,
        0.3075,
        0.7975,
        0.3675,
        0.8575,
        0.43,
        0.92,
        0.245
    ],
    "ImageOrientationPatientDICOM": [
        0.99515,
        0.0389408,
        0.0903379,
        -1.75618e-08,
        0.918316,
        -0.395847
    ],
    "InPlanePhaseEncodingDirectionDICOM": "COL",
    "ConversionSoftware": "dcm2niix",
    "ConversionSoftwareVersion": "v1.0.20181125  (JP2:OpenJPEG) GCC9.3.0",
    "Dcm2bidsVersion": "2.1.4",
    "TaskName": "filmrecall"
}