{
    "Modality": "MR",
    "MagneticFieldStrength": 3,
    "ImagingFrequency": 123.254,
    "Manufacturer": "Siemens",
    "ManufacturersModelName": "Prisma",
    "InstitutionName": "SKKU",
    "InstitutionalDepartmentName": "Department",
    "InstitutionAddress": "Street_StreetNo_City_264b04_District_KR_ZIP",
    "DeviceSerialNumber": "66061",
    "StationName": "AWP66061",
    "BodyPartExamined": "HEAD",
    "PatientPosition": "HFS",
    "ProcedureStepDescription": "Head_PI:CNIR_IBS",
    "SoftwareVersions": "syngo_MR_E11",
    "MRAcquisitionType": "3D",
    "SeriesDescription": "t1_mprage_tra_256_iso",
    "ProtocolName": "t1_mprage_tra_256_iso",
    "ScanningSequence": "GR_IR",
    "SequenceVariant": "SK_SP_MP_OSP",
    "ScanOptions": "IR",
    "SequenceName": "_tfl3d1_16",
    "ImageType": [
        "ORIGINAL",
        "PRIMARY",
        "M",
        "ND",
        "NORM",
        "SH",
        "FIL"
    ],
    "SeriesNumber": 9,
    "AcquisitionTime": "10:41:24.085000",
    "AcquisitionNumber": 1,
    "SliceThickness": 1,
    "SAR": 0.0433635,
    "EchoTime": 0.00244,
    "RepetitionTime": 2.2,
    "InversionTime": 0.925,
    "FlipAngle": 8,
    "PartialFourier": 1,
    "BaseResolution": 256,
    "ShimSetting": [
        5051,
        3747,
        4206,
        7,
        -43,
        102,
        -40,
        38
    ],
    "TxRefAmp": 210.184,
    "PhaseResolution": 1,
    "PhaseOversampling": 0.1,
    "ReceiveCoilName": "HeadNeck_64",
    "ReceiveCoilActiveElements": "HC1-7;NC1,2",
    "CoilString": "HC1-7;NC1_2",
    "PulseSequenceDetails": "%SiemensSeq%_tfl",
    "ConsistencyInfo": "N4_VE11C_LATEST_20160120",
    "PercentPhaseFOV": 100,
    "PhaseEncodingSteps": 282,
    "AcquisitionMatrixPE": 256,
    "ReconMatrixPE": 256,
    "PixelBandwidth": 250,
    "DwellTime": 7.8e-06,
    "ImageOrientationPatientDICOM": [
        0.99515,
        0.0389408,
        0.0903379,
        2.23147e-10,
        0.918316,
        -0.395847
    ],
    "InPlanePhaseEncodingDirectionDICOM": "ROW",
    "ConversionSoftware": "dcm2niix",
    "ConversionSoftwareVersion": "v1.0.20181125  (JP2:OpenJPEG) GCC9.3.0",
    "Dcm2bidsVersion": "2.1.4"
}